GEM
  remote: https://rubygems.org/
  specs:
    awesome_print (1.8.0)
    bond (0.5.1)
    coderay (1.1.3)
    czmq-ffi-gen (0.16.1)
      ffi (~> 1.11)
    cztop (0.14.1)
      czmq-ffi-gen (~> 0.16)
    data_uri (0.1.0)
    ffi (1.13.1)
    filewatcher (1.1.1)
      optimist (~> 3.0)
    gnuplot (2.6.2)
    io-console (0.5.6)
    irb (1.2.7)
      reline (>= 0.1.5)
    iruby (0.4.0)
      bond (~> 0.5)
      data_uri (~> 0.1)
      mimemagic (~> 0.3)
      multi_json (~> 1.11)
    method_source (1.0.0)
    mimemagic (0.3.5)
    multi_json (1.15.0)
    nyaplot (0.1.6)
    optimist (3.0.1)
    pry (0.13.1)
      coderay (~> 1.1)
      method_source (~> 1.0)
    pry-doc (1.1.0)
      pry (~> 0.11)
      yard (~> 0.9.11)
    rake (13.0.1)
    reline (0.1.6)
      io-console (~> 0.5)
    rubyvis (0.7.0)
    symengine (0.0.2)
    yard (0.9.25)

PLATFORMS
  ruby

DEPENDENCIES
  awesome_print
  cztop
  filewatcher (= 1.1.1)
  gnuplot
  irb
  iruby
  nyaplot
  pry
  pry-doc
  rake (= 13.0.1)
  rubyvis
  symengine

BUNDLED WITH
   1.17.2
